GEM
  remote: https://rubygems.org/
  specs:
    activesupport (4.2.6)
      i18n (~> 0.7)
      json (~> 1.7, >= 1.7.7)
      minitest (~> 5.1)
      thread_safe (~> 0.3, >= 0.3.4)
      tzinfo (~> 1.1)
    elasticsearch-ruby (0.0.4)
      activesupport (>= 3.0.0)
      thrift
    i18n (0.7.0)
    json (1.8.3)
    minitest (5.8.4)
    thread_safe (0.3.5)
    thrift (0.9.3.0)
    tzinfo (1.2.2)
      thread_safe (~> 0.1)

PLATFORMS
  ruby

DEPENDENCIES
  elasticsearch-ruby

BUNDLED WITH
   1.11.2
